GIT
  remote: https://github.com/yellowme/sepomex-acrogenesis-ruby.git
  revision: 8804f3f5bbadb49d9337c5db8ad537dff2872bc0
  specs:
    sepomex-acrogenesis-ruby (0.5.0)
      activesupport
      httparty
      json

GIT
  remote: https://github.com/yellowme/sepomex-hckdrk-ruby.git
  revision: ed671bbfe242d2ed9471e80abd374964a4b6489d
  specs:
    sepomex-hckdrk-ruby (0.5.0)
      activesupport
      httparty
      json

PATH
  remote: .
  specs:
    sepomex (0.1.0)
      sepomex_acrogenesis (~> 0.2)
      sepomex_hckdrk (~> 0.1)

GEM
  remote: https://rubygems.org/
  specs:
    activesupport (6.0.2.1)
      concurrent-ruby (~> 1.0, >= 1.0.2)
      i18n (>= 0.7, < 2)
      minitest (~> 5.1)
      tzinfo (~> 1.1)
      zeitwerk (~> 2.2)
    addressable (2.7.0)
      public_suffix (>= 2.0.2, < 5.0)
    concurrent-ruby (1.1.5)
    crack (0.4.3)
      safe_yaml (~> 1.0.0)
    diff-lcs (1.3)
    docile (1.3.2)
    hashdiff (1.0.0)
    httparty (0.17.3)
      mime-types (~> 3.0)
      multi_xml (>= 0.5.2)
    i18n (1.7.0)
      concurrent-ruby (~> 1.0)
    json (2.3.0)
    mime-types (3.3.1)
      mime-types-data (~> 3.2015)
    mime-types-data (3.2019.1009)
    minitest (5.13.0)
    multi_xml (0.6.0)
    public_suffix (4.0.3)
    rspec (3.9.0)
      rspec-core (~> 3.9.0)
      rspec-expectations (~> 3.9.0)
      rspec-mocks (~> 3.9.0)
    rspec-core (3.9.1)
      rspec-support (~> 3.9.1)
    rspec-expectations (3.9.0)
      diff-lcs (>= 1.2.0, < 2.0)
      rspec-support (~> 3.9.0)
    rspec-mocks (3.9.1)
      diff-lcs (>= 1.2.0, < 2.0)
      rspec-support (~> 3.9.0)
    rspec-support (3.9.2)
    safe_yaml (1.0.5)
    sepomex_acrogenesis (0.2.0)
      activesupport (~> 6.0)
      httparty (~> 0.17)
      json (~> 2.2)
    sepomex_hckdrk (0.1.0)
      activesupport (~> 6.0)
      httparty (~> 0.17)
      json (~> 2.2)
    simplecov (0.17.1)
      docile (~> 1.1)
      json (>= 1.8, < 3)
      simplecov-html (~> 0.10.0)
    simplecov-html (0.10.2)
    thread_safe (0.3.6)
    tzinfo (1.2.6)
      thread_safe (~> 0.1)
    webmock (3.7.6)
      addressable (>= 2.3.6)
      crack (>= 0.3.2)
      hashdiff (>= 0.4.0, < 2.0.0)
    zeitwerk (2.2.2)

PLATFORMS
  ruby

DEPENDENCIES
  rspec (~> 3.8)
  sepomex!
  sepomex-acrogenesis-ruby!
  sepomex-hckdrk-ruby!
  simplecov (~> 0.17)
  webmock (~> 3.7)

BUNDLED WITH
   2.0.2
